GIT
  remote: https://github.com/athenahealth/fluent-plugin-newsyslog.git
  revision: 905960ab07f3103415df8bd41e09dd5741a9221a
  tag: v0.1.0
  specs:
    fluent-plugin-newsyslog (0.1.0)
      fluentd (>= 0.10.59)

GEM
  remote: https://rubygems.org/
  specs:
    aws-sdk-v1 (1.64.0)
      json (~> 1.4)
      nokogiri (>= 1.4.4)
    cool.io (1.3.1)
    elasticsearch (1.0.12)
      elasticsearch-api (= 1.0.12)
      elasticsearch-transport (= 1.0.12)
    elasticsearch-api (1.0.12)
      multi_json
    elasticsearch-transport (1.0.12)
      faraday
      multi_json
    eventmachine (1.0.8)
    excon (0.45.4)
    faraday (0.9.1)
      multipart-post (>= 1.2, < 3)
    fluent-mixin-config-placeholders (0.3.0)
      fluentd
      uuidtools (>= 2.1.5)
    fluent-mixin-plaintextformatter (0.2.6)
      fluentd
      ltsv
    fluent-mixin-rewrite-tag-name (0.1.0)
      fluentd
    fluent-plugin-elasticsearch (1.0.0)
      elasticsearch
      excon
      fluentd (>= 0.10.43)
    fluent-plugin-flowcounter (0.3.0)
      fluent-mixin-config-placeholders (>= 0.3.0)
      fluentd
    fluent-plugin-flowcounter-simple (0.0.4)
      fluentd
    fluent-plugin-forest (0.3.0)
      fluentd
    fluent-plugin-geoip (0.5.0)
      fluent-mixin-rewrite-tag-name
      fluentd
      geoip-c
    fluent-plugin-graphite (0.0.6)
      fluent-mixin-rewrite-tag-name
      fluentd (>= 0.10.17)
      graphite-api
    fluent-plugin-kafka (0.0.15)
      fluentd
      ltsv
      msgpack
      poseidon
      yajl-ruby
      zookeeper
    fluent-plugin-ping-message (0.1.2)
      fluent-mixin-config-placeholders (>= 0.3.0)
      fluentd
    fluent-plugin-record-modifier (0.3.0)
      fluent-mixin-config-placeholders (>= 0.3.0)
      fluentd (>= 0.10.58, < 2)
    fluent-plugin-rewrite-tag-filter (1.5.1)
      fluentd
      string-scrub (= 0.0.3)
    fluent-plugin-s3 (0.5.9)
      aws-sdk-v1 (~> 1.38)
      fluent-mixin-config-placeholders (>= 0.3.0)
      fluentd (>= 0.10.49, < 2)
      yajl-ruby (~> 1.0)
    fluent-plugin-scribe (0.10.14)
      fluentd
      thrift (~> 0.8.0)
    fluent-plugin-webhdfs (0.4.1)
      fluent-mixin-config-placeholders (>= 0.3.0)
      fluent-mixin-plaintextformatter (>= 0.2.1)
      fluentd (>= 0.10.53)
      webhdfs (>= 0.6.0)
    fluentd (0.12.14)
      cool.io (>= 1.2.2, < 2.0.0)
      http_parser.rb (>= 0.5.1, < 0.7.0)
      json (>= 1.4.3)
      msgpack (>= 0.5.11, < 0.6.0)
      sigdump (~> 0.2.2)
      string-scrub (>= 0.0.3)
      tzinfo (>= 1.0.0)
      tzinfo-data (>= 1.0.0)
      yajl-ruby (~> 1.0)
    geoip-c (0.9.1)
    graphite-api (0.1.6)
      eventmachine (>= 0.3.3)
      zscheduler (>= 0.0.3)
    http_parser.rb (0.6.0)
    json (1.8.3)
    ltsv (0.1.0)
    mini_portile (0.6.2)
    msgpack (0.5.12)
    multi_json (1.11.2)
    multipart-post (2.0.0)
    nokogiri (1.6.6.2)
      mini_portile (~> 0.6.0)
    poseidon (0.0.5)
    sigdump (0.2.3)
    string-scrub (0.0.3)
    thread_safe (0.3.5)
    thrift (0.8.0)
    tzinfo (1.2.2)
      thread_safe (~> 0.1)
    tzinfo-data (1.2015.5)
      tzinfo (>= 1.0.0)
    uuidtools (2.1.5)
    webhdfs (0.6.0)
    yajl-ruby (1.2.1)
    zookeeper (1.4.10)
    zscheduler (0.0.6)
      eventmachine

PLATFORMS
  ruby

DEPENDENCIES
  fluent-plugin-elasticsearch (= 1.0.0)
  fluent-plugin-flowcounter (= 0.3.0)
  fluent-plugin-flowcounter-simple (= 0.0.4)
  fluent-plugin-forest (= 0.3.0)
  fluent-plugin-geoip (= 0.5.0)
  fluent-plugin-graphite (= 0.0.6)
  fluent-plugin-kafka (= 0.0.15)
  fluent-plugin-newsyslog!
  fluent-plugin-ping-message (= 0.1.2)
  fluent-plugin-record-modifier (= 0.3.0)
  fluent-plugin-rewrite-tag-filter (= 1.5.1)
  fluent-plugin-s3 (= 0.5.9)
  fluent-plugin-scribe (= 0.10.14)
  fluent-plugin-webhdfs (= 0.4.1)
  fluentd (= 0.12.14)

BUNDLED WITH
   1.10.5
